GIT
  remote: https://github.com/adammulligan/redis-rb.git
  revision: 75e479a6eb4707113ea09147ba67ee4b64aeae35
  specs:
    redis (3.0.3)

GIT
  remote: https://github.com/dcparker/ruby-gmail.git
  revision: 2ae0827b67826d5015777efc83d57749a8d53ab0
  specs:
    ruby-gmail (0.2.2)
      mail (>= 2.2.1)
      mime (>= 0.1)
      shared-mime-info

GIT
  remote: https://github.com/sinatra/sinatra-contrib.git
  revision: 7e39d6d1b709cf5ee50192b2f6d58c5e8fcde0af
  specs:
    sinatra-contrib (1.4.0)
      backports (>= 2.0)
      eventmachine
      rack-protection
      rack-test
      sinatra (~> 1.4.0)
      tilt (~> 1.3)

GEM
  remote: https://rubygems.org/
  specs:
    backports (3.1.1)
    eventmachine (1.0.3)
    i18n (0.6.4)
    json (1.7.7)
    mail (2.5.3)
      i18n (>= 0.4.0)
      mime-types (~> 1.16)
      treetop (~> 1.4.8)
    mime (0.1)
    mime-types (1.21)
    polyglot (0.3.3)
    rack (1.5.2)
    rack-protection (1.5.0)
      rack
    rack-test (0.6.2)
      rack (>= 1.0)
    rufus-scheduler (2.0.18)
      tzinfo (>= 0.3.23)
    shared-mime-info (0.1)
    shotgun (0.9)
      rack (>= 1.0)
    sinatra (1.4.2)
      rack (~> 1.5, >= 1.5.2)
      rack-protection (~> 1.4)
      tilt (~> 1.3, >= 1.3.4)
    tilt (1.3.6)
    treetop (1.4.12)
      polyglot
      polyglot (>= 0.3.1)
    tzinfo (0.3.37)

PLATFORMS
  ruby

DEPENDENCIES
  json
  redis!
  ruby-gmail!
  rufus-scheduler
  shotgun
  sinatra
  sinatra-contrib!
